PATH
  remote: .
  specs:
    buddy (2.3.0)
      httparty
      mini_fb (>= 0.2.2)
      yajl-ruby

GEM
  remote: http://rubygems.org/
  specs:
    hashie (1.2.0)
    httparty (0.8.3)
      multi_json (~> 1.0)
      multi_xml
    mime-types (1.19)
    mini_fb (1.1.7)
      hashie
      rest-client
    multi_json (1.3.6)
    multi_xml (0.5.1)
    rake (0.9.2.2)
    rest-client (1.6.7)
      mime-types (>= 1.16)
    yajl-ruby (1.1.0)

PLATFORMS
  ruby

DEPENDENCIES
  buddy!
  rake
