PATH
  remote: .
  specs:
    buddy (2.0.0)

GEM
  remote: http://rubygems.org/
  specs:

PLATFORMS
  ruby

DEPENDENCIES
  buddy!
